GEM
  remote: https://rubygems.org/
  specs:
    json (1.8.1)
    newrelic_plugin (1.3.1)
      json
    nokogiri (1.5.11)
    rake (10.1.1)
    test-unit (2.5.5)

PLATFORMS
  ruby

DEPENDENCIES
  newrelic_plugin
  nokogiri (~> 1.5.10)
  rake
  test-unit

BUNDLED WITH
   1.13.1
